STORAGE: NONE
RESTRICTION: || (== net10) (== net6.0)
NUGET
  remote: https://api.nuget.org/v3/index.json
    Fable.AST (3.1.1) - restriction: || (&& (== net10) (>= netstandard2.0)) (== net6.0)
    Fable.Browser.Blob (1.2) - restriction: || (&& (== net10) (>= netstandard2.0)) (== net6.0)
      Fable.Core (>= 3.0) - restriction: || (&& (== net10) (>= netstandard2.0)) (== net6.0)
      FSharp.Core (>= 4.7.2) - restriction: || (&& (== net10) (>= netstandard2.0)) (== net6.0)
    Fable.Browser.Dom (2.10) - restriction: || (&& (== net10) (>= netstandard2.0)) (== net6.0)
      Fable.Browser.Blob (>= 1.2) - restriction: || (&& (== net10) (>= netstandard2.0)) (== net6.0)
      Fable.Browser.Event (>= 1.5) - restriction: || (&& (== net10) (>= netstandard2.0)) (== net6.0)
      Fable.Browser.WebStorage (>= 1.1) - restriction: || (&& (== net10) (>= netstandard2.0)) (== net6.0)
      Fable.Core (>= 3.2.8) - restriction: || (&& (== net10) (>= netstandard2.0)) (== net6.0)
      FSharp.Core (>= 4.7.2) - restriction: || (&& (== net10) (>= netstandard2.0)) (== net6.0)
    Fable.Browser.Event (1.5) - restriction: || (&& (== net10) (>= netstandard2.0)) (== net6.0)
      Fable.Browser.Gamepad (>= 1.1) - restriction: || (&& (== net10) (>= netstandard2.0)) (== net6.0)
      Fable.Core (>= 3.0) - restriction: || (&& (== net10) (>= netstandard2.0)) (== net6.0)
      FSharp.Core (>= 4.7.2) - restriction: || (&& (== net10) (>= netstandard2.0)) (== net6.0)
    Fable.Browser.Gamepad (1.1) - restriction: || (&& (== net10) (>= netstandard2.0)) (== net6.0)
      Fable.Core (>= 3.0) - restriction: || (&& (== net10) (>= netstandard2.0)) (== net6.0)
      FSharp.Core (>= 4.7.2) - restriction: || (&& (== net10) (>= netstandard2.0)) (== net6.0)
    Fable.Browser.WebStorage (1.1) - restriction: || (&& (== net10) (>= netstandard2.0)) (== net6.0)
      Fable.Browser.Event (>= 1.5) - restriction: || (&& (== net10) (>= netstandard2.0)) (== net6.0)
      Fable.Core (>= 3.0) - restriction: || (&& (== net10) (>= netstandard2.0)) (== net6.0)
      FSharp.Core (>= 4.7.2) - restriction: || (&& (== net10) (>= netstandard2.0)) (== net6.0)
    Fable.Core (3.7.1) - restriction: || (&& (== net10) (>= netstandard2.0)) (== net6.0)
    Fable.Elmish (3.1)
      Fable.Core (>= 3.0) - restriction: || (&& (== net10) (>= netstandard2.0)) (== net6.0)
      FSharp.Core (>= 4.6.2) - restriction: || (&& (== net10) (>= netstandard2.0)) (== net6.0)
    Fable.Elmish.Browser (3.0.4) - restriction: || (&& (== net10) (>= netstandard2.0)) (== net6.0)
      Fable.Browser.Dom (>= 1.0) - restriction: || (&& (== net10) (>= netstandard2.0)) (== net6.0)
      Fable.Core (>= 3.0) - restriction: || (&& (== net10) (>= netstandard2.0)) (== net6.0)
      Fable.Elmish (>= 3.0) - restriction: || (&& (== net10) (>= netstandard2.0)) (== net6.0)
      FSharp.Core (>= 4.6.2) - restriction: || (&& (== net10) (>= netstandard2.0)) (== net6.0)
    Fable.Elmish.Debugger (3.3)
      Fable.Core (>= 3.2.8) - restriction: || (&& (== net10) (>= netstandard2.0)) (== net6.0)
      Fable.Elmish (>= 3.0) - restriction: || (&& (== net10) (>= netstandard2.0)) (== net6.0)
      FSharp.Core (>= 4.7.2) - restriction: || (&& (== net10) (>= netstandard2.0)) (== net6.0)
      Thoth.Json (>= 6.0) - restriction: || (&& (== net10) (>= netstandard2.0)) (== net6.0)
    Fable.Elmish.HMR (5.2)
      Fable.Core (>= 3.0) - restriction: || (&& (== net10) (>= netstandard2.0)) (== net6.0)
      Fable.Elmish.Browser (>= 3.0.4) - restriction: || (&& (== net10) (>= netstandard2.0)) (== net6.0)
      Fable.Elmish.React (>= 3.0.1) - restriction: || (&& (== net10) (>= netstandard2.0)) (== net6.0)
      FSharp.Core (>= 4.7.2) - restriction: || (&& (== net10) (>= netstandard2.0)) (== net6.0)
    Fable.Elmish.React (3.0.1)
      Fable.Core (>= 3.0) - restriction: || (&& (== net10) (>= netstandard2.0)) (== net6.0)
      Fable.Elmish (>= 3.0) - restriction: || (&& (== net10) (>= netstandard2.0)) (== net6.0)
      Fable.React (>= 5.1) - restriction: || (&& (== net10) (>= netstandard2.0)) (== net6.0)
      FSharp.Core (>= 4.6.2) - restriction: || (&& (== net10) (>= netstandard2.0)) (== net6.0)
    Fable.React (8.0.1) - restriction: || (&& (== net10) (>= netstandard2.0)) (== net6.0)
      Fable.Browser.Dom (>= 2.4.4) - restriction: || (&& (== net10) (>= netstandard2.0)) (== net6.0)
      Fable.Core (>= 3.2.7) - restriction: || (&& (== net10) (>= netstandard2.0)) (== net6.0)
      FSharp.Core (>= 4.7.2) - restriction: || (&& (== net10) (>= netstandard2.0)) (== net6.0)
    Feliz (1.64)
      Fable.Core (>= 3.1.5) - restriction: || (&& (== net10) (>= netstandard2.0)) (== net6.0)
      Fable.React (>= 7.4) - restriction: || (&& (== net10) (>= netstandard2.0)) (== net6.0)
      Feliz.CompilerPlugins (>= 1.9) - restriction: || (&& (== net10) (>= netstandard2.0)) (== net6.0)
      FSharp.Core (>= 4.7.2) - restriction: || (&& (== net10) (>= netstandard2.0)) (== net6.0)
    Feliz.CompilerPlugins (1.9) - restriction: || (&& (== net10) (>= netstandard2.0)) (== net6.0)
      Fable.AST (>= 3.0) - restriction: || (&& (== net10) (>= netstandard2.0)) (== net6.0)
      FSharp.Core (>= 4.7.2) - restriction: || (&& (== net10) (>= netstandard2.0)) (== net6.0)
    Feliz.DaisyUI (2.0)
      Feliz (>= 1.32) - restriction: || (&& (== net10) (>= netstandard2.0)) (== net6.0)
      FSharp.Core (>= 4.7.2) - restriction: || (&& (== net10) (>= netstandard2.0)) (== net6.0)
    FSharp.Core (6.0.4)
    Thoth.Json (7.0) - restriction: || (&& (== net10) (>= netstandard2.0)) (== net6.0)
      Fable.Core (>= 3.1.6) - restriction: || (&& (== net10) (>= netstandard2.0)) (== net6.0)
      FSharp.Core (>= 4.7.2) - restriction: || (&& (== net10) (>= netstandard2.0)) (== net6.0)
